GIT
  remote: git://github.com/dkubb/reek.git
  revision: b85adad65e992e194023f6346f3e72c3b46b4c56
  specs:
    reek (1.2.8)
      ruby2ruby (~> 1.2)
      ruby_parser (~> 2.0)
      sexp_processor (~> 3.0)

GIT
  remote: https://github.com/codegram/pelusa.git
  revision: aaa34586d5a1d5abd7e04d9b295ebf15e1ad860f
  specs:
    pelusa (0.2.1)

PATH
  remote: .
  specs:
    ffprobe (0.0.1)
      backports (~> 2.6.1)
      multi_json (~> 1.3.6)
      virtus (~> 0.5.1)

GEM
  remote: https://rubygems.org/
  specs:
    ParseTree (3.0.8)
      RubyInline (>= 3.7.0)
      sexp_processor (>= 3.0.0)
    RubyInline (3.11.3)
      ZenTest (~> 4.3)
    Saikuro (1.1.0)
    ZenTest (4.8.1)
    activesupport (3.2.6)
      i18n (~> 0.6)
      multi_json (~> 1.0)
    arrayfields (4.7.4)
    awesome_print (1.0.2)
    backports (2.6.1)
    chronic (0.3.0)
    churn (0.0.13)
      chronic (>= 0.2.3)
      hirb
      json_pure
      main
      ruby_parser (~> 2.0.4)
      sexp_processor (~> 3.0.3)
    colored (1.2)
    erubis (2.7.0)
    fattr (2.2.1)
    ffi (1.0.11)
    flay (1.4.3)
      ruby_parser (~> 2.0)
      sexp_processor (~> 3.0)
    flog (2.5.3)
      ruby_parser (~> 2.0)
      sexp_processor (~> 3.0)
    guard (1.2.3)
      listen (>= 0.4.2)
      thor (>= 0.14.6)
    guard-rspec (0.7.3)
      guard (>= 0.10.0)
    heckle (1.4.3)
      ParseTree (>= 2.0.0)
      ZenTest (>= 3.5.2)
      ruby2ruby (>= 1.1.6)
    hirb (0.7.0)
    i18n (0.6.0)
    json (1.6.7)
    json_pure (1.7.3)
    listen (0.4.7)
      rb-fchange (~> 0.0.5)
      rb-fsevent (~> 0.9.1)
      rb-inotify (~> 0.8.8)
    main (4.7.1)
    map (5.2.0)
    metric_fu (2.1.1)
      Saikuro (>= 1.1.0)
      activesupport (>= 2.0.0)
      chronic (~> 0.3.0)
      churn (>= 0.0.7)
      flay (>= 1.2.1)
      flog (>= 2.3.0)
      rails_best_practices (>= 0.6.4)
      rcov (>= 0.8.3.3)
      reek (>= 1.2.6)
      roodi (>= 2.1.0)
      syntax
    mspec (1.5.17)
    multi_json (1.3.6)
    progressbar (0.11.0)
    rails_best_practices (1.10.1)
      activesupport
      awesome_print
      colored
      erubis
      i18n
      progressbar
      sexp_processor
    rake (0.9.2.2)
    rb-fchange (0.0.5)
      ffi
    rb-fsevent (0.9.1)
    rb-inotify (0.8.8)
      ffi (>= 0.5.0)
    rcov (0.9.11)
    roodi (2.1.0)
      ruby_parser
    rspec (1.3.2)
    ruby2ruby (1.2.2)
      ParseTree (~> 3.0)
    ruby_parser (2.0.6)
      sexp_processor (~> 3.0)
    sexp_processor (3.0.10)
    syntax (1.0.0)
    thor (0.15.4)
    virtus (0.5.1)
      backports (~> 2.6.1)
    yard (0.7.5)
    yardstick (0.4.0)
      yard (~> 0.7.0)

PLATFORMS
  ruby

DEPENDENCIES
  arrayfields (~> 4.7.4)
  fattr (~> 2.2.0)
  ffprobe!
  flay (~> 1.4.2)
  flog (~> 2.5.1)
  guard-rspec (~> 0.7.0)
  heckle (~> 1.4.3)
  json (~> 1.6.4)
  map (~> 5.2.0)
  metric_fu (~> 2.1.1)
  mspec (~> 1.5.17)
  pelusa!
  rake (~> 0.9.2)
  rcov (~> 0.9.9)
  reek (~> 1.2.8)!
  roodi (~> 2.1.0)
  rspec (~> 1.3.2)
  ruby2ruby (= 1.2.2)
  yardstick (~> 0.4.0)
