PATH
  remote: .
  specs:
    ffprobe (0.0.1)
      backports (~> 2.6.1)
      veritas (~> 0.0.7)

GEM
  remote: https://rubygems.org/
  specs:
    backports (2.6.1)
    ffi (1.0.11)
    guard (1.2.3)
      listen (>= 0.4.2)
      thor (>= 0.14.6)
    guard-rspec (0.7.3)
      guard (>= 0.10.0)
    listen (0.4.7)
      rb-fchange (~> 0.0.5)
      rb-fsevent (~> 0.9.1)
      rb-inotify (~> 0.8.8)
    rake (0.9.2.2)
    rb-fchange (0.0.5)
      ffi
    rb-fsevent (0.9.1)
    rb-inotify (0.8.8)
      ffi (>= 0.5.0)
    rspec (1.3.2)
    thor (0.15.4)
    veritas (0.0.7)

PLATFORMS
  ruby

DEPENDENCIES
  ffprobe!
  guard-rspec (~> 0.7.0)
  rake (~> 0.9.2)
  rspec (~> 1.3.2)
